PATH
  remote: .
  specs:
    huginn_flickr_agent (0.1)
      huginn_agent

GEM
  remote: https://rubygems.org/
  specs:
    huginn_agent (0.6.1)
      thor
    rake (10.5.0)
    thor (0.20.0)

PLATFORMS
  ruby

DEPENDENCIES
  bundler (~> 1.7)
  huginn_agent (~> 0.6.1)
  huginn_flickr_agent!
  rake (~> 10.0)

BUNDLED WITH
   1.16.1
